PATH
  remote: .
  specs:
    monban-repository (1.0.1)
      getto-initialize_with (~> 1.0)
      getto-repository-sequel (~> 1.0)

GEM
  remote: https://rubygems.org/
  specs:
    docile (1.3.1)
    getto-initialize_with (1.0.4)
    getto-repository (1.0.2)
    getto-repository-sequel (1.0.2)
      getto-initialize_with (~> 1.0)
      getto-repository (~> 1.0)
      sequel (~> 5.13.0)
    json (2.1.0)
    minitest (5.11.3)
    rake (10.5.0)
    sequel (5.13.0)
    simplecov (0.16.1)
      docile (~> 1.1)
      json (>= 1.8, < 3)
      simplecov-html (~> 0.10.0)
    simplecov-html (0.10.2)

PLATFORMS
  ruby

DEPENDENCIES
  bundler (~> 1.16)
  minitest (~> 5.0)
  monban-repository!
  rake (~> 10.0)
  simplecov (~> 0.16)

BUNDLED WITH
   1.16.6
